GEM
  remote: http://rubygems.org/
  specs:
    activesupport (3.1.0)
      multi_json (~> 1.0)
    builder (3.0.0)
    curb (0.7.15)
    feedzirra (0.0.31)
      activesupport (>= 3.0.8)
      builder (~> 3.0.0)
      curb (~> 0.7.15)
      i18n (>= 0.5.0)
      loofah (~> 1.0.0)
      nokogiri (~> 1.4.4)
      rake (>= 0.9.2)
      rdoc (~> 3.8)
      sax-machine (~> 0.0.20)
    i18n (0.6.0)
    loofah (1.0.0)
      nokogiri (>= 1.3.3)
    multi_json (1.0.3)
    nokogiri (1.4.7)
    rack (1.3.3)
    rake (0.9.2)
    rdoc (3.9.4)
    sax-machine (0.0.20)
      nokogiri (> 0.0.0)
    sinatra (1.2.6)
      rack (~> 1.1)
      tilt (>= 1.2.2, < 2.0)
    tilt (1.3.3)

PLATFORMS
  ruby

DEPENDENCIES
  feedzirra
  sinatra
